REDIRECTS: OFF
STORAGE: NONE
RESTRICTION: || (== net45) (== netstandard2.0)
NUGET
  remote: https://www.nuget.org/api/v2
    FSharp.Core (4.3.2)
    FsPickler (5.2)
      FSharp.Core (>= 3.1.2) - restriction: || (== net45) (&& (== netstandard2.0) (>= net45))
      FSharp.Core (>= 4.3.2) - restriction: == netstandard2.0
      System.Reflection.Emit.Lightweight (>= 4.3) - restriction: == netstandard2.0
    Mono.Cecil (0.11)
    System.Reflection.Emit.ILGeneration (4.7) - restriction: == netstandard2.0
    System.Reflection.Emit.Lightweight (4.7) - restriction: == netstandard2.0
      System.Reflection.Emit.ILGeneration (>= 4.7) - restriction: || (&& (== net45) (< portable-net45+wp8)) (&& (== net45) (>= uap10.1)) (&& (== net45) (>= wpa81)) (== netstandard2.0)

GROUP Build
REDIRECTS: OFF
RESTRICTION: == net472
NUGET
  remote: https://www.nuget.org/api/v2
    FAKE (4.64.17)
    FSharp.Compiler.Service (27.0.1)
      FSharp.Core (>= 4.5.2)
      System.Collections.Immutable (>= 1.5)
      System.Reflection.Metadata (>= 1.6)
      System.ValueTuple (>= 4.4)
    FSharp.Compiler.Tools (10.2.3)
    FSharp.Core (4.7)
    FSharp.Formatting (3.1)
      FSharp.Compiler.Service (>= 27.0.1 < 28.0)
      Microsoft.AspNet.Razor (>= 3.2.7 < 4.0)
      System.ValueTuple (>= 4.5 < 5.0)
    Microsoft.AspNet.Razor (3.2.7)
    Octokit (0.36)
    System.Buffers (4.5)
    System.Collections.Immutable (1.7)
      System.Memory (>= 4.5.3)
    System.Memory (4.5.3)
      System.Buffers (>= 4.4)
      System.Numerics.Vectors (>= 4.4)
      System.Runtime.CompilerServices.Unsafe (>= 4.5.2)
    System.Numerics.Vectors (4.5)
    System.Reflection.Metadata (1.8)
      System.Collections.Immutable (>= 1.7)
    System.Runtime.CompilerServices.Unsafe (4.7)
    System.ValueTuple (4.5)
GITHUB
  remote: fsharp/FAKE
    modules/Octokit/Octokit.fsx (8f396fb3aaeba2d263d47f9e1e0540dc0e1d444b)
      Octokit (>= 0.20)
GROUP Fsi
REDIRECTS: OFF
RESTRICTION: == net472
NUGET
  remote: https://www.nuget.org/api/v2
    FSharp.Core (4.7)
    FSharp.Data (3.1.1)
      FSharp.Core (>= 4.0.0.1)
    LinqOptimizer.FSharp (0.7)
      FSharp.Core (>= 3.1.2)
    MathNet.Numerics (4.9)
    MathNet.Numerics.FSharp (4.9)
      FSharp.Core (>= 4.3.3)
      MathNet.Numerics (>= 4.9)
    MathNet.Numerics.MKL.Win-x64 (2.3)

GROUP Testing
REDIRECTS: OFF
STORAGE: NONE
RESTRICTION: || (== net472) (== netcoreapp3.0)
NUGET
  remote: https://www.nuget.org/api/v2
    FSharp.Compiler.Service (34.0)
      FSharp.Core (>= 4.6.2)
      System.Buffers (>= 4.5)
      System.Collections.Immutable (>= 1.5)
      System.Diagnostics.Process (>= 4.1) - restriction: || (&& (== net472) (< net461)) (== netcoreapp3.0)
      System.Diagnostics.TraceSource (>= 4.0) - restriction: || (&& (== net472) (< net461)) (== netcoreapp3.0)
      System.Reflection.Emit (>= 4.3) - restriction: || (&& (== net472) (< net461)) (== netcoreapp3.0)
      System.Reflection.Metadata (>= 1.6)
      System.Reflection.TypeExtensions (>= 4.3) - restriction: || (&& (== net472) (< net461)) (== netcoreapp3.0)
      System.Runtime.Loader (>= 4.0) - restriction: || (&& (== net472) (< net461)) (== netcoreapp3.0)
      System.Security.Cryptography.Algorithms (>= 4.3) - restriction: || (&& (== net472) (< net461)) (== netcoreapp3.0)
      System.ValueTuple (>= 4.4) - restriction: || (== net472) (&& (== netcoreapp3.0) (>= net461))
    FSharp.Core (4.7)
    FsPickler (5.2.2)
      FSharp.Core (>= 3.1.2) - restriction: || (== net472) (&& (== netcoreapp3.0) (>= net45))
      FSharp.Core (>= 4.3.2) - restriction: || (&& (== net472) (< net45)) (== netcoreapp3.0)
      System.Reflection.Emit.Lightweight (>= 4.3) - restriction: || (&& (== net472) (< net45)) (== netcoreapp3.0)
    Microsoft.CodeCoverage (16.4)
    Microsoft.DotNet.InternalAbstractions (1.0) - restriction: || (&& (== net472) (>= netcoreapp1.0)) (== netcoreapp3.0)
      System.AppContext (>= 4.1) - restriction: || (&& (== net472) (< net451)) (== netcoreapp3.0)
      System.Collections (>= 4.0.11) - restriction: || (&& (== net472) (< net451)) (== netcoreapp3.0)
      System.IO (>= 4.1) - restriction: || (&& (== net472) (< net451)) (== netcoreapp3.0)
      System.IO.FileSystem (>= 4.0.1) - restriction: || (&& (== net472) (< net451)) (== netcoreapp3.0)
      System.Reflection.TypeExtensions (>= 4.1) - restriction: || (&& (== net472) (< net451)) (== netcoreapp3.0)
      System.Runtime.Extensions (>= 4.1) - restriction: || (&& (== net472) (< net451)) (== netcoreapp3.0)
      System.Runtime.InteropServices (>= 4.1) - restriction: || (&& (== net472) (< net451)) (== netcoreapp3.0)
      System.Runtime.InteropServices.RuntimeInformation (>= 4.0) - restriction: || (&& (== net472) (< net451)) (== netcoreapp3.0)
    Microsoft.NET.Test.Sdk (16.4)
      Microsoft.CodeCoverage (>= 16.4)
      Microsoft.TestPlatform.TestHost (>= 16.4) - restriction: || (&& (== net472) (>= netcoreapp2.1)) (== netcoreapp3.0)
    Microsoft.NETCore.Platforms (3.1) - restriction: || (&& (== net472) (>= netcoreapp2.0)) (== netcoreapp3.0)
    Microsoft.NETCore.Targets (3.1) - restriction: || (&& (== net472) (>= netcoreapp1.0)) (== netcoreapp3.0)
    Microsoft.TestPlatform.ObjectModel (16.4) - restriction: || (&& (== net472) (>= netcoreapp2.1)) (== netcoreapp3.0)
      NuGet.Frameworks (>= 5.0)
    Microsoft.TestPlatform.TestHost (16.4) - restriction: || (&& (== net472) (>= netcoreapp2.1)) (== netcoreapp3.0)
      Microsoft.TestPlatform.ObjectModel (>= 16.4) - restriction: || (&& (== net472) (>= netcoreapp2.1)) (&& (== net472) (>= uap10.0)) (== netcoreapp3.0)
      Newtonsoft.Json (>= 9.0.1) - restriction: || (&& (== net472) (>= netcoreapp2.1)) (&& (== net472) (>= uap10.0)) (== netcoreapp3.0)
    Microsoft.Win32.Primitives (4.3) - restriction: || (&& (== net472) (>= netcoreapp1.0)) (== netcoreapp3.0)
      Microsoft.NETCore.Platforms (>= 1.1) - restriction: || (&& (== net472) (< net46)) (== netcoreapp3.0)
      Microsoft.NETCore.Targets (>= 1.1) - restriction: || (&& (== net472) (< net46)) (== netcoreapp3.0)
      System.Runtime (>= 4.3) - restriction: || (&& (== net472) (< net46)) (== netcoreapp3.0)
    Microsoft.Win32.Registry (4.7) - restriction: || (&& (== net472) (>= netcoreapp1.0)) (== netcoreapp3.0)
      System.Security.AccessControl (>= 4.7)
      System.Security.Principal.Windows (>= 4.7)
    NETStandard.Library (2.0.3) - restriction: || (&& (== net472) (< net35)) (== netcoreapp3.0)
      Microsoft.NETCore.Platforms (>= 1.1)
    Newtonsoft.Json (12.0.3) - restriction: || (&& (== net472) (>= netcoreapp2.1)) (== netcoreapp3.0)
    NuGet.Frameworks (5.4) - restriction: || (&& (== net472) (>= netcoreapp2.1)) (== netcoreapp3.0)
    NUnit (3.12)
      NETStandard.Library (>= 2.0) - restriction: || (&& (== net472) (< net35)) (== netcoreapp3.0)
    NUnit3TestAdapter (3.12)
      Microsoft.DotNet.InternalAbstractions (>= 1.0) - restriction: || (&& (== net472) (>= netcoreapp1.0)) (== netcoreapp3.0)
      System.ComponentModel.EventBasedAsync (>= 4.3) - restriction: || (&& (== net472) (>= netcoreapp1.0)) (== netcoreapp3.0)
      System.ComponentModel.TypeConverter (>= 4.3) - restriction: || (&& (== net472) (>= netcoreapp1.0)) (== netcoreapp3.0)
      System.Diagnostics.Process (>= 4.3) - restriction: || (&& (== net472) (>= netcoreapp1.0)) (== netcoreapp3.0)
      System.Reflection (>= 4.3) - restriction: || (&& (== net472) (>= netcoreapp1.0)) (== netcoreapp3.0)
      System.Runtime.InteropServices.RuntimeInformation (>= 4.3) - restriction: || (&& (== net472) (>= netcoreapp1.0)) (== netcoreapp3.0)
      System.Threading.Thread (>= 4.3) - restriction: || (&& (== net472) (>= netcoreapp1.0)) (== netcoreapp3.0)
      System.Xml.XmlDocument (>= 4.3) - restriction: || (&& (== net472) (>= netcoreapp1.0)) (== netcoreapp3.0)
      System.Xml.XPath.XmlDocument (>= 4.3) - restriction: || (&& (== net472) (>= netcoreapp1.0)) (== netcoreapp3.0)
    runtime.debian.8-x64.runtime.native.System.Security.Cryptography.OpenSsl (4.3.3) - restriction: || (&& (== net472) (< net46)) (== netcoreapp3.0)
    runtime.debian.9-x64.runtime.native.System.Security.Cryptography.OpenSsl (4.3.3) - restriction: || (&& (== net472) (< net46)) (== netcoreapp3.0)
    runtime.fedora.23-x64.runtime.native.System.Security.Cryptography.OpenSsl (4.3.3) - restriction: || (&& (== net472) (< net46)) (== netcoreapp3.0)
    runtime.fedora.24-x64.runtime.native.System.Security.Cryptography.OpenSsl (4.3.3) - restriction: || (&& (== net472) (< net46)) (== netcoreapp3.0)
    runtime.fedora.27-x64.runtime.native.System.Security.Cryptography.OpenSsl (4.3.3) - restriction: || (&& (== net472) (< net46)) (== netcoreapp3.0)
    runtime.fedora.28-x64.runtime.native.System.Security.Cryptography.OpenSsl (4.3.3) - restriction: || (&& (== net472) (< net46)) (== netcoreapp3.0)
    runtime.native.System (4.3.1) - restriction: || (&& (== net472) (>= netcoreapp1.0)) (== netcoreapp3.0)
      Microsoft.NETCore.Platforms (>= 1.1.1)
      Microsoft.NETCore.Targets (>= 1.1.3)
    runtime.native.System.Security.Cryptography.Apple (4.3.1) - restriction: || (&& (== net472) (< net46)) (== netcoreapp3.0)
      runtime.osx.10.10-x64.runtime.native.System.Security.Cryptography.Apple (>= 4.3.1)
    runtime.native.System.Security.Cryptography.OpenSsl (4.3.3) - restriction: || (&& (== net472) (< net46)) (== netcoreapp3.0)
      runtime.debian.8-x64.runtime.native.System.Security.Cryptography.OpenSsl (>= 4.3.3)
      runtime.debian.9-x64.runtime.native.System.Security.Cryptography.OpenSsl (>= 4.3.3)
      runtime.fedora.23-x64.runtime.native.System.Security.Cryptography.OpenSsl (>= 4.3.3)
      runtime.fedora.24-x64.runtime.native.System.Security.Cryptography.OpenSsl (>= 4.3.3)
      runtime.fedora.27-x64.runtime.native.System.Security.Cryptography.OpenSsl (>= 4.3.3)
      runtime.fedora.28-x64.runtime.native.System.Security.Cryptography.OpenSsl (>= 4.3.3)
      runtime.opensuse.13.2-x64.runtime.native.System.Security.Cryptography.OpenSsl (>= 4.3.3)
      runtime.opensuse.42.1-x64.runtime.native.System.Security.Cryptography.OpenSsl (>= 4.3.3)
      runtime.opensuse.42.3-x64.runtime.native.System.Security.Cryptography.OpenSsl (>= 4.3.3)
      runtime.osx.10.10-x64.runtime.native.System.Security.Cryptography.OpenSsl (>= 4.3.3)
      runtime.rhel.7-x64.runtime.native.System.Security.Cryptography.OpenSsl (>= 4.3.3)
      runtime.ubuntu.14.04-x64.runtime.native.System.Security.Cryptography.OpenSsl (>= 4.3.3)
      runtime.ubuntu.16.04-x64.runtime.native.System.Security.Cryptography.OpenSsl (>= 4.3.3)
      runtime.ubuntu.16.10-x64.runtime.native.System.Security.Cryptography.OpenSsl (>= 4.3.3)
      runtime.ubuntu.18.04-x64.runtime.native.System.Security.Cryptography.OpenSsl (>= 4.3.3)
    runtime.opensuse.13.2-x64.runtime.native.System.Security.Cryptography.OpenSsl (4.3.3) - restriction: || (&& (== net472) (< net46)) (== netcoreapp3.0)
    runtime.opensuse.42.1-x64.runtime.native.System.Security.Cryptography.OpenSsl (4.3.3) - restriction: || (&& (== net472) (< net46)) (== netcoreapp3.0)
    runtime.opensuse.42.3-x64.runtime.native.System.Security.Cryptography.OpenSsl (4.3.3) - restriction: || (&& (== net472) (< net46)) (== netcoreapp3.0)
    runtime.osx.10.10-x64.runtime.native.System.Security.Cryptography.Apple (4.3.1) - restriction: || (&& (== net472) (< net46)) (== netcoreapp3.0)
    runtime.osx.10.10-x64.runtime.native.System.Security.Cryptography.OpenSsl (4.3.3) - restriction: || (&& (== net472) (< net46)) (== netcoreapp3.0)
    runtime.rhel.7-x64.runtime.native.System.Security.Cryptography.OpenSsl (4.3.3) - restriction: || (&& (== net472) (< net46)) (== netcoreapp3.0)
    runtime.ubuntu.14.04-x64.runtime.native.System.Security.Cryptography.OpenSsl (4.3.3) - restriction: || (&& (== net472) (< net46)) (== netcoreapp3.0)
    runtime.ubuntu.16.04-x64.runtime.native.System.Security.Cryptography.OpenSsl (4.3.3) - restriction: || (&& (== net472) (< net46)) (== netcoreapp3.0)
    runtime.ubuntu.16.10-x64.runtime.native.System.Security.Cryptography.OpenSsl (4.3.3) - restriction: || (&& (== net472) (< net46)) (== netcoreapp3.0)
    runtime.ubuntu.18.04-x64.runtime.native.System.Security.Cryptography.OpenSsl (4.3.3) - restriction: || (&& (== net472) (< net46)) (== netcoreapp3.0)
    System.AppContext (4.3) - restriction: || (&& (== net472) (>= netcoreapp1.0)) (== netcoreapp3.0)
      System.Runtime (>= 4.3) - restriction: || (&& (== net472) (< net46)) (== netcoreapp3.0)
    System.Buffers (4.5)
    System.Collections (4.3) - restriction: || (&& (== net472) (< net46)) (== netcoreapp3.0)
      Microsoft.NETCore.Platforms (>= 1.1) - restriction: || (&& (== net472) (< net45)) (== netcoreapp3.0)
      Microsoft.NETCore.Targets (>= 1.1) - restriction: || (&& (== net472) (< net45)) (== netcoreapp3.0)
      System.Runtime (>= 4.3) - restriction: || (&& (== net472) (< net45)) (== netcoreapp3.0)
    System.Collections.Concurrent (4.3) - restriction: || (&& (== net472) (< net46)) (== netcoreapp3.0)
      System.Collections (>= 4.3) - restriction: || (&& (== net472) (< net45)) (== netcoreapp3.0)
      System.Diagnostics.Debug (>= 4.3) - restriction: || (&& (== net472) (< net45)) (== netcoreapp3.0)
      System.Diagnostics.Tracing (>= 4.3) - restriction: || (&& (== net472) (< net45)) (== netcoreapp3.0)
      System.Globalization (>= 4.3) - restriction: || (&& (== net472) (< net45)) (== netcoreapp3.0)
      System.Reflection (>= 4.3) - restriction: || (&& (== net472) (< net45)) (== netcoreapp3.0)
      System.Resources.ResourceManager (>= 4.3) - restriction: || (&& (== net472) (< net45)) (== netcoreapp3.0)
      System.Runtime (>= 4.3) - restriction: || (&& (== net472) (< net45)) (== netcoreapp3.0)
      System.Runtime.Extensions (>= 4.3) - restriction: || (&& (== net472) (< net45)) (== netcoreapp3.0)
      System.Threading (>= 4.3) - restriction: || (&& (== net472) (< net45)) (== netcoreapp3.0)
      System.Threading.Tasks (>= 4.3) - restriction: || (&& (== net472) (< net45)) (== netcoreapp3.0)
    System.Collections.Immutable (1.7)
      System.Memory (>= 4.5.3) - restriction: || (== net472) (&& (== netcoreapp3.0) (>= net46)) (&& (== netcoreapp3.0) (< netcoreapp2.1)) (&& (== netcoreapp3.0) (< netstandard2.0)) (&& (== netcoreapp3.0) (>= uap10.1))
    System.Collections.NonGeneric (4.3) - restriction: || (&& (== net472) (>= netcoreapp1.0)) (== netcoreapp3.0)
      System.Diagnostics.Debug (>= 4.3) - restriction: || (&& (== net472) (< net46)) (== netcoreapp3.0)
      System.Globalization (>= 4.3) - restriction: || (&& (== net472) (< net46)) (== netcoreapp3.0)
      System.Resources.ResourceManager (>= 4.3) - restriction: || (&& (== net472) (< net46)) (== netcoreapp3.0)
      System.Runtime (>= 4.3) - restriction: || (&& (== net472) (< net46)) (== netcoreapp3.0)
      System.Runtime.Extensions (>= 4.3) - restriction: || (&& (== net472) (< net46)) (== netcoreapp3.0)
      System.Threading (>= 4.3) - restriction: || (&& (== net472) (< net46)) (== netcoreapp3.0)
    System.Collections.Specialized (4.3) - restriction: || (&& (== net472) (>= netcoreapp1.0)) (== netcoreapp3.0)
      System.Collections.NonGeneric (>= 4.3) - restriction: || (&& (== net472) (< net46)) (== netcoreapp3.0)
      System.Globalization (>= 4.3) - restriction: || (&& (== net472) (< net46)) (== netcoreapp3.0)
      System.Globalization.Extensions (>= 4.3) - restriction: || (&& (== net472) (< net46)) (== netcoreapp3.0)
      System.Resources.ResourceManager (>= 4.3) - restriction: || (&& (== net472) (< net46)) (== netcoreapp3.0)
      System.Runtime (>= 4.3) - restriction: || (&& (== net472) (< net46)) (== netcoreapp3.0)
      System.Runtime.Extensions (>= 4.3) - restriction: || (&& (== net472) (< net46)) (== netcoreapp3.0)
      System.Threading (>= 4.3) - restriction: || (&& (== net472) (< net46)) (== netcoreapp3.0)
    System.ComponentModel (4.3) - restriction: || (&& (== net472) (>= netcoreapp1.0)) (== netcoreapp3.0)
      System.Runtime (>= 4.3) - restriction: || (&& (== net472) (< net45)) (== netcoreapp3.0)
    System.ComponentModel.EventBasedAsync (4.3) - restriction: || (&& (== net472) (>= netcoreapp1.0)) (== netcoreapp3.0)
      System.Resources.ResourceManager (>= 4.3) - restriction: || (&& (== net472) (< net45)) (== netcoreapp3.0)
      System.Runtime (>= 4.3) - restriction: || (&& (== net472) (< net45)) (== netcoreapp3.0)
      System.Threading (>= 4.3) - restriction: || (&& (== net472) (< net45)) (== netcoreapp3.0)
      System.Threading.Tasks (>= 4.3) - restriction: || (&& (== net472) (< net45)) (== netcoreapp3.0)
    System.ComponentModel.Primitives (4.3) - restriction: || (&& (== net472) (>= netcoreapp1.0)) (== netcoreapp3.0)
      System.ComponentModel (>= 4.3) - restriction: || (&& (== net472) (< net45)) (== netcoreapp3.0)
      System.Resources.ResourceManager (>= 4.3) - restriction: || (&& (== net472) (< net45)) (== netcoreapp3.0)
      System.Runtime (>= 4.3) - restriction: || (&& (== net472) (< net45)) (== netcoreapp3.0)
    System.ComponentModel.TypeConverter (4.3) - restriction: || (&& (== net472) (>= netcoreapp1.0)) (== netcoreapp3.0)
      System.Collections (>= 4.3) - restriction: || (&& (== net472) (< net45)) (== netcoreapp3.0)
      System.Collections.NonGeneric (>= 4.3)
      System.Collections.Specialized (>= 4.3) - restriction: || (&& (== net472) (< net45)) (== netcoreapp3.0)
      System.ComponentModel (>= 4.3) - restriction: || (&& (== net472) (< net45)) (== netcoreapp3.0)
      System.ComponentModel.Primitives (>= 4.3)
      System.Globalization (>= 4.3) - restriction: || (&& (== net472) (< net45)) (== netcoreapp3.0)
      System.Linq (>= 4.3) - restriction: || (&& (== net472) (< net45)) (== netcoreapp3.0)
      System.Reflection (>= 4.3) - restriction: || (&& (== net472) (< net45)) (== netcoreapp3.0)
      System.Reflection.Extensions (>= 4.3) - restriction: || (&& (== net472) (< net45)) (== netcoreapp3.0)
      System.Reflection.Primitives (>= 4.3) - restriction: || (&& (== net472) (< net45)) (== netcoreapp3.0)
      System.Reflection.TypeExtensions (>= 4.3) - restriction: || (&& (== net472) (< net45)) (== netcoreapp3.0)
      System.Resources.ResourceManager (>= 4.3) - restriction: || (&& (== net472) (< net45)) (== netcoreapp3.0)
      System.Runtime (>= 4.3) - restriction: || (&& (== net472) (< net45)) (== netcoreapp3.0)
      System.Runtime.Extensions (>= 4.3) - restriction: || (&& (== net472) (< net45)) (== netcoreapp3.0)
      System.Threading (>= 4.3) - restriction: || (&& (== net472) (< net45)) (== netcoreapp3.0)
    System.Diagnostics.Debug (4.3) - restriction: || (&& (== net472) (>= netcoreapp1.0)) (== netcoreapp3.0)
      Microsoft.NETCore.Platforms (>= 1.1) - restriction: || (&& (== net472) (< net45)) (== netcoreapp3.0)
      Microsoft.NETCore.Targets (>= 1.1) - restriction: || (&& (== net472) (< net45)) (== netcoreapp3.0)
      System.Runtime (>= 4.3) - restriction: || (&& (== net472) (< net45)) (== netcoreapp3.0)
    System.Diagnostics.Process (4.3) - restriction: || (&& (== net472) (>= netcoreapp1.0)) (== netcoreapp3.0)
      Microsoft.NETCore.Platforms (>= 1.1) - restriction: || (&& (== net472) (< net46)) (== netcoreapp3.0)
      Microsoft.Win32.Primitives (>= 4.3) - restriction: || (&& (== net472) (< net46)) (== netcoreapp3.0)
      Microsoft.Win32.Registry (>= 4.3) - restriction: || (&& (== net472) (< net46)) (== netcoreapp3.0)
      runtime.native.System (>= 4.3) - restriction: || (&& (== net472) (< net46)) (== netcoreapp3.0)
      System.Collections (>= 4.3) - restriction: || (&& (== net472) (< net46)) (== netcoreapp3.0)
      System.Diagnostics.Debug (>= 4.3) - restriction: || (&& (== net472) (< net46)) (== netcoreapp3.0)
      System.Globalization (>= 4.3) - restriction: || (&& (== net472) (< net46)) (== netcoreapp3.0)
      System.IO (>= 4.3) - restriction: || (&& (== net472) (< net46)) (== netcoreapp3.0)
      System.IO.FileSystem (>= 4.3) - restriction: || (&& (== net472) (< net46)) (== netcoreapp3.0)
      System.IO.FileSystem.Primitives (>= 4.3) - restriction: || (&& (== net472) (< net46)) (== netcoreapp3.0)
      System.Resources.ResourceManager (>= 4.3) - restriction: || (&& (== net472) (< net46)) (== netcoreapp3.0)
      System.Runtime (>= 4.3) - restriction: || (&& (== net472) (< net46)) (== netcoreapp3.0)
      System.Runtime.Extensions (>= 4.3) - restriction: || (&& (== net472) (< net46)) (== netcoreapp3.0)
      System.Runtime.Handles (>= 4.3) - restriction: || (&& (== net472) (< net46)) (== netcoreapp3.0)
      System.Runtime.InteropServices (>= 4.3) - restriction: || (&& (== net472) (< net46)) (== netcoreapp3.0)
      System.Text.Encoding (>= 4.3) - restriction: || (&& (== net472) (< net46)) (== netcoreapp3.0)
      System.Text.Encoding.Extensions (>= 4.3) - restriction: || (&& (== net472) (< net46)) (== netcoreapp3.0)
      System.Threading (>= 4.3) - restriction: || (&& (== net472) (< net46)) (== netcoreapp3.0)
      System.Threading.Tasks (>= 4.3) - restriction: || (&& (== net472) (< net46)) (== netcoreapp3.0)
      System.Threading.Thread (>= 4.3) - restriction: || (&& (== net472) (< net46)) (== netcoreapp3.0)
      System.Threading.ThreadPool (>= 4.3) - restriction: || (&& (== net472) (< net46)) (== netcoreapp3.0)
    System.Diagnostics.TraceSource (4.3) - restriction: || (&& (== net472) (< net461)) (== netcoreapp3.0)
      Microsoft.NETCore.Platforms (>= 1.1) - restriction: || (&& (== net472) (< net46)) (== netcoreapp3.0)
      runtime.native.System (>= 4.3) - restriction: || (&& (== net472) (< net46)) (== netcoreapp3.0)
      System.Collections (>= 4.3) - restriction: || (&& (== net472) (< net46)) (== netcoreapp3.0)
      System.Diagnostics.Debug (>= 4.3) - restriction: || (&& (== net472) (< net46)) (== netcoreapp3.0)
      System.Globalization (>= 4.3) - restriction: || (&& (== net472) (< net46)) (== netcoreapp3.0)
      System.Resources.ResourceManager (>= 4.3) - restriction: || (&& (== net472) (< net46)) (== netcoreapp3.0)
      System.Runtime (>= 4.3) - restriction: || (&& (== net472) (< net46)) (== netcoreapp3.0)
      System.Runtime.Extensions (>= 4.3) - restriction: || (&& (== net472) (< net46)) (== netcoreapp3.0)
      System.Threading (>= 4.3) - restriction: || (&& (== net472) (< net46)) (== netcoreapp3.0)
    System.Diagnostics.Tracing (4.3) - restriction: || (&& (== net472) (< net45)) (== netcoreapp3.0)
      Microsoft.NETCore.Platforms (>= 1.1) - restriction: || (&& (== net472) (< net45)) (== netcoreapp3.0)
      Microsoft.NETCore.Targets (>= 1.1) - restriction: || (&& (== net472) (< net45)) (== netcoreapp3.0)
      System.Runtime (>= 4.3) - restriction: || (&& (== net472) (< net45)) (== netcoreapp3.0)
    System.Globalization (4.3) - restriction: || (&& (== net472) (>= netcoreapp1.0)) (== netcoreapp3.0)
      Microsoft.NETCore.Platforms (>= 1.1) - restriction: || (&& (== net472) (< net45)) (== netcoreapp3.0)
      Microsoft.NETCore.Targets (>= 1.1) - restriction: || (&& (== net472) (< net45)) (== netcoreapp3.0)
      System.Runtime (>= 4.3) - restriction: || (&& (== net472) (< net45)) (== netcoreapp3.0)
    System.Globalization.Extensions (4.3) - restriction: || (&& (== net472) (>= netcoreapp1.0)) (== netcoreapp3.0)
      Microsoft.NETCore.Platforms (>= 1.1) - restriction: || (&& (== net472) (< net46)) (== netcoreapp3.0)
      System.Globalization (>= 4.3) - restriction: || (&& (== net472) (< net46)) (== netcoreapp3.0)
      System.Resources.ResourceManager (>= 4.3) - restriction: || (&& (== net472) (< net46)) (== netcoreapp3.0)
      System.Runtime (>= 4.3) - restriction: || (&& (== net472) (< net46)) (== netcoreapp3.0)
      System.Runtime.Extensions (>= 4.3) - restriction: || (&& (== net472) (< net46)) (== netcoreapp3.0)
      System.Runtime.InteropServices (>= 4.3) - restriction: || (&& (== net472) (< net46)) (== netcoreapp3.0)
    System.IO (4.3) - restriction: || (&& (== net472) (< net46)) (&& (== net472) (< net461)) (== netcoreapp3.0)
      Microsoft.NETCore.Platforms (>= 1.1) - restriction: || (&& (== net472) (< net45)) (== netcoreapp3.0)
      Microsoft.NETCore.Targets (>= 1.1) - restriction: || (&& (== net472) (< net45)) (== netcoreapp3.0)
      System.Runtime (>= 4.3) - restriction: || (&& (== net472) (< net45)) (== netcoreapp3.0)
      System.Text.Encoding (>= 4.3) - restriction: || (&& (== net472) (< net45)) (== netcoreapp3.0)
      System.Threading.Tasks (>= 4.3) - restriction: || (&& (== net472) (< net45)) (== netcoreapp3.0)
    System.IO.FileSystem (4.3) - restriction: || (&& (== net472) (>= netcoreapp1.0)) (== netcoreapp3.0)
      Microsoft.NETCore.Platforms (>= 1.1) - restriction: || (&& (== net472) (< net46)) (== netcoreapp3.0)
      Microsoft.NETCore.Targets (>= 1.1) - restriction: || (&& (== net472) (< net46)) (== netcoreapp3.0)
      System.IO (>= 4.3) - restriction: || (&& (== net472) (< net46)) (== netcoreapp3.0)
      System.IO.FileSystem.Primitives (>= 4.3)
      System.Runtime (>= 4.3) - restriction: || (&& (== net472) (< net46)) (== netcoreapp3.0)
      System.Runtime.Handles (>= 4.3) - restriction: || (&& (== net472) (< net46)) (== netcoreapp3.0)
      System.Text.Encoding (>= 4.3) - restriction: || (&& (== net472) (< net46)) (== netcoreapp3.0)
      System.Threading.Tasks (>= 4.3) - restriction: || (&& (== net472) (< net46)) (== netcoreapp3.0)
    System.IO.FileSystem.Primitives (4.3) - restriction: || (&& (== net472) (>= netcoreapp1.0)) (== netcoreapp3.0)
      System.Runtime (>= 4.3) - restriction: || (&& (== net472) (< net46)) (== netcoreapp3.0)
    System.Linq (4.3) - restriction: || (&& (== net472) (>= netcoreapp1.0)) (== netcoreapp3.0)
      System.Collections (>= 4.3) - restriction: || (&& (== net472) (< net45)) (== netcoreapp3.0)
      System.Diagnostics.Debug (>= 4.3) - restriction: || (&& (== net472) (< net45)) (== netcoreapp3.0)
      System.Resources.ResourceManager (>= 4.3) - restriction: || (&& (== net472) (< net45)) (== netcoreapp3.0)
      System.Runtime (>= 4.3) - restriction: || (&& (== net472) (< net45)) (== netcoreapp3.0)
      System.Runtime.Extensions (>= 4.3) - restriction: || (&& (== net472) (< net45)) (== netcoreapp3.0)
    System.Memory (4.5.3) - restriction: || (== net472) (&& (== netcoreapp3.0) (>= net46)) (&& (== netcoreapp3.0) (< netcoreapp2.1)) (&& (== netcoreapp3.0) (< netstandard2.0)) (&& (== netcoreapp3.0) (>= uap10.1))
      System.Buffers (>= 4.4) - restriction: || (== net472) (&& (== netcoreapp3.0) (>= monotouch)) (&& (== netcoreapp3.0) (>= net461)) (&& (== netcoreapp3.0) (< netcoreapp2.0)) (&& (== netcoreapp3.0) (< netstandard1.1)) (&& (== netcoreapp3.0) (< netstandard2.0)) (&& (== netcoreapp3.0) (>= xamarinios)) (&& (== netcoreapp3.0) (>= xamarinmac)) (&& (== netcoreapp3.0) (>= xamarintvos)) (&& (== netcoreapp3.0) (>= xamarinwatchos))
      System.Numerics.Vectors (>= 4.4) - restriction: || (== net472) (&& (== netcoreapp3.0) (>= net461)) (&& (== netcoreapp3.0) (< netcoreapp2.0))
      System.Runtime.CompilerServices.Unsafe (>= 4.5.2) - restriction: || (== net472) (&& (== netcoreapp3.0) (>= monotouch)) (&& (== netcoreapp3.0) (>= net461)) (&& (== netcoreapp3.0) (< netcoreapp2.0)) (&& (== netcoreapp3.0) (< netcoreapp2.1)) (&& (== netcoreapp3.0) (< netstandard1.1)) (&& (== netcoreapp3.0) (< netstandard2.0)) (&& (== netcoreapp3.0) (>= uap10.1)) (&& (== netcoreapp3.0) (>= xamarinios)) (&& (== netcoreapp3.0) (>= xamarinmac)) (&& (== netcoreapp3.0) (>= xamarintvos)) (&& (== netcoreapp3.0) (>= xamarinwatchos))
    System.Numerics.Vectors (4.5) - restriction: || (== net472) (&& (== netcoreapp3.0) (>= net46)) (&& (== netcoreapp3.0) (>= net461)) (&& (== netcoreapp3.0) (< netcoreapp2.0)) (&& (== netcoreapp3.0) (< netstandard2.0)) (&& (== netcoreapp3.0) (>= uap10.1))
    System.Reflection (4.3) - restriction: || (&& (== net472) (>= netcoreapp1.0)) (== netcoreapp3.0)
      Microsoft.NETCore.Platforms (>= 1.1) - restriction: || (&& (== net472) (< net45)) (== netcoreapp3.0)
      Microsoft.NETCore.Targets (>= 1.1) - restriction: || (&& (== net472) (< net45)) (== netcoreapp3.0)
      System.IO (>= 4.3) - restriction: || (&& (== net472) (< net45)) (== netcoreapp3.0)
      System.Reflection.Primitives (>= 4.3) - restriction: || (&& (== net472) (< net45)) (== netcoreapp3.0)
      System.Runtime (>= 4.3) - restriction: || (&& (== net472) (< net45)) (== netcoreapp3.0)
    System.Reflection.Emit (4.7) - restriction: || (&& (== net472) (< net461)) (== netcoreapp3.0)
    System.Reflection.Emit.Lightweight (4.7) - restriction: || (&& (== net472) (< net45)) (== netcoreapp3.0)
    System.Reflection.Extensions (4.3) - restriction: || (&& (== net472) (>= netcoreapp1.0)) (== netcoreapp3.0)
      Microsoft.NETCore.Platforms (>= 1.1) - restriction: || (&& (== net472) (< net45)) (== netcoreapp3.0)
      Microsoft.NETCore.Targets (>= 1.1) - restriction: || (&& (== net472) (< net45)) (== netcoreapp3.0)
      System.Reflection (>= 4.3) - restriction: || (&& (== net472) (< net45)) (== netcoreapp3.0)
      System.Runtime (>= 4.3) - restriction: || (&& (== net472) (< net45)) (== netcoreapp3.0)
    System.Reflection.Metadata (1.8)
      System.Collections.Immutable (>= 1.7)
    System.Reflection.Primitives (4.3) - restriction: || (&& (== net472) (>= netcoreapp1.0)) (== netcoreapp3.0)
      Microsoft.NETCore.Platforms (>= 1.1) - restriction: || (&& (== net472) (< net45)) (== netcoreapp3.0)
      Microsoft.NETCore.Targets (>= 1.1) - restriction: || (&& (== net472) (< net45)) (== netcoreapp3.0)
      System.Runtime (>= 4.3) - restriction: || (&& (== net472) (< net45)) (== netcoreapp3.0)
    System.Reflection.TypeExtensions (4.7) - restriction: || (&& (== net472) (< net461)) (== netcoreapp3.0)
    System.Resources.ResourceManager (4.3) - restriction: || (&& (== net472) (< net46)) (== netcoreapp3.0)
      Microsoft.NETCore.Platforms (>= 1.1) - restriction: || (&& (== net472) (< net45)) (== netcoreapp3.0)
      Microsoft.NETCore.Targets (>= 1.1) - restriction: || (&& (== net472) (< net45)) (== netcoreapp3.0)
      System.Globalization (>= 4.3) - restriction: || (&& (== net472) (< net45)) (== netcoreapp3.0)
      System.Reflection (>= 4.3) - restriction: || (&& (== net472) (< net45)) (== netcoreapp3.0)
      System.Runtime (>= 4.3) - restriction: || (&& (== net472) (< net45)) (== netcoreapp3.0)
    System.Runtime (4.3.1) - restriction: || (&& (== net472) (< net45)) (&& (== net472) (< net46)) (&& (== net472) (< net461)) (== netcoreapp3.0)
      Microsoft.NETCore.Platforms (>= 1.1.1) - restriction: || (&& (== net472) (< net45)) (== netcoreapp3.0)
      Microsoft.NETCore.Targets (>= 1.1.3) - restriction: || (&& (== net472) (< net45)) (== netcoreapp3.0)
    System.Runtime.CompilerServices.Unsafe (4.7) - restriction: || (== net472) (&& (== netcoreapp3.0) (>= monotouch)) (&& (== netcoreapp3.0) (>= net46)) (&& (== netcoreapp3.0) (>= net461)) (&& (== netcoreapp3.0) (< netcoreapp2.0)) (&& (== netcoreapp3.0) (< netcoreapp2.1)) (&& (== netcoreapp3.0) (< netstandard1.1)) (&& (== netcoreapp3.0) (< netstandard2.0)) (&& (== netcoreapp3.0) (>= uap10.1)) (&& (== netcoreapp3.0) (>= xamarinios)) (&& (== netcoreapp3.0) (>= xamarinmac)) (&& (== netcoreapp3.0) (>= xamarintvos)) (&& (== netcoreapp3.0) (>= xamarinwatchos))
    System.Runtime.Extensions (4.3.1) - restriction: || (&& (== net472) (< net46)) (== netcoreapp3.0)
      Microsoft.NETCore.Platforms (>= 1.1.1) - restriction: || (&& (== net472) (< net45)) (== netcoreapp3.0)
      Microsoft.NETCore.Targets (>= 1.1.3) - restriction: || (&& (== net472) (< net45)) (== netcoreapp3.0)
      System.Runtime (>= 4.3.1) - restriction: || (&& (== net472) (< net45)) (== netcoreapp3.0)
    System.Runtime.Handles (4.3) - restriction: || (&& (== net472) (< net46)) (== netcoreapp3.0)
      Microsoft.NETCore.Platforms (>= 1.1) - restriction: || (&& (== net472) (< net46)) (== netcoreapp3.0)
      Microsoft.NETCore.Targets (>= 1.1) - restriction: || (&& (== net472) (< net46)) (== netcoreapp3.0)
      System.Runtime (>= 4.3) - restriction: || (&& (== net472) (< net46)) (== netcoreapp3.0)
    System.Runtime.InteropServices (4.3) - restriction: || (&& (== net472) (< net46)) (== netcoreapp3.0)
      Microsoft.NETCore.Platforms (>= 1.1) - restriction: || (&& (== net472) (< net45)) (&& (== net472) (>= netcoreapp1.1)) (== netcoreapp3.0)
      Microsoft.NETCore.Targets (>= 1.1) - restriction: || (&& (== net472) (< net45)) (&& (== net472) (>= netcoreapp1.1)) (== netcoreapp3.0)
      System.Reflection (>= 4.3) - restriction: || (&& (== net472) (< net45)) (&& (== net472) (>= netcoreapp1.1)) (== netcoreapp3.0)
      System.Reflection.Primitives (>= 4.3) - restriction: || (&& (== net472) (< net45)) (&& (== net472) (>= netcoreapp1.1)) (== netcoreapp3.0)
      System.Runtime (>= 4.3)
      System.Runtime.Handles (>= 4.3) - restriction: || (&& (== net472) (< net45)) (&& (== net472) (>= netcoreapp1.1)) (== netcoreapp3.0)
    System.Runtime.InteropServices.RuntimeInformation (4.3) - restriction: || (&& (== net472) (>= netcoreapp1.0)) (== netcoreapp3.0)
      runtime.native.System (>= 4.3) - restriction: || (&& (== net472) (< net45)) (== netcoreapp3.0)
      System.Reflection (>= 4.3) - restriction: || (&& (== net472) (< net45)) (== netcoreapp3.0)
      System.Reflection.Extensions (>= 4.3) - restriction: || (&& (== net472) (< net45)) (== netcoreapp3.0)
      System.Resources.ResourceManager (>= 4.3) - restriction: || (&& (== net472) (< net45)) (== netcoreapp3.0)
      System.Runtime (>= 4.3) - restriction: || (&& (== net472) (< net45)) (== netcoreapp3.0)
      System.Runtime.InteropServices (>= 4.3) - restriction: || (&& (== net472) (< net45)) (== netcoreapp3.0)
      System.Threading (>= 4.3) - restriction: || (&& (== net472) (< net45)) (== netcoreapp3.0)
    System.Runtime.Loader (4.3) - restriction: || (&& (== net472) (< net461)) (== netcoreapp3.0)
      System.IO (>= 4.3) - restriction: || (&& (== net472) (< net462)) (== netcoreapp3.0)
      System.Reflection (>= 4.3) - restriction: || (&& (== net472) (< net462)) (== netcoreapp3.0)
      System.Runtime (>= 4.3) - restriction: || (&& (== net472) (< net462)) (== netcoreapp3.0)
    System.Runtime.Numerics (4.3) - restriction: || (&& (== net472) (< net46)) (== netcoreapp3.0)
      System.Globalization (>= 4.3) - restriction: || (&& (== net472) (< net45)) (== netcoreapp3.0)
      System.Resources.ResourceManager (>= 4.3) - restriction: || (&& (== net472) (< net45)) (== netcoreapp3.0)
      System.Runtime (>= 4.3) - restriction: || (&& (== net472) (< net45)) (== netcoreapp3.0)
      System.Runtime.Extensions (>= 4.3) - restriction: || (&& (== net472) (< net45)) (== netcoreapp3.0)
    System.Security.AccessControl (4.7) - restriction: || (&& (== net472) (>= netcoreapp1.0)) (&& (== net472) (>= netcoreapp2.0)) (== netcoreapp3.0)
      Microsoft.NETCore.Platforms (>= 3.1) - restriction: || (&& (== net472) (>= netcoreapp2.0)) (== netcoreapp3.0)
      System.Security.Principal.Windows (>= 4.7)
    System.Security.Cryptography.Algorithms (4.3.1) - restriction: || (&& (== net472) (< net461)) (== netcoreapp3.0)
      Microsoft.NETCore.Platforms (>= 1.1) - restriction: || (&& (== net472) (< net46)) (== netcoreapp3.0)
      runtime.native.System.Security.Cryptography.Apple (>= 4.3.1) - restriction: || (&& (== net472) (< net46)) (== netcoreapp3.0)
      runtime.native.System.Security.Cryptography.OpenSsl (>= 4.3.2) - restriction: || (&& (== net472) (< net46)) (== netcoreapp3.0)
      System.Collections (>= 4.3) - restriction: || (&& (== net472) (< net46)) (== netcoreapp3.0)
      System.IO (>= 4.3)
      System.Resources.ResourceManager (>= 4.3) - restriction: || (&& (== net472) (< net46)) (== netcoreapp3.0)
      System.Runtime (>= 4.3)
      System.Runtime.Extensions (>= 4.3) - restriction: || (&& (== net472) (< net46)) (== netcoreapp3.0)
      System.Runtime.Handles (>= 4.3) - restriction: || (&& (== net472) (< net46)) (== netcoreapp3.0)
      System.Runtime.InteropServices (>= 4.3) - restriction: || (&& (== net472) (< net46)) (== netcoreapp3.0)
      System.Runtime.Numerics (>= 4.3) - restriction: || (&& (== net472) (< net46)) (== netcoreapp3.0)
      System.Security.Cryptography.Encoding (>= 4.3)
      System.Security.Cryptography.Primitives (>= 4.3)
      System.Text.Encoding (>= 4.3) - restriction: || (&& (== net472) (< net46)) (== netcoreapp3.0)
    System.Security.Cryptography.Encoding (4.3) - restriction: || (&& (== net472) (< net46)) (&& (== net472) (< net461)) (== netcoreapp3.0)
      Microsoft.NETCore.Platforms (>= 1.1) - restriction: || (&& (== net472) (< net46)) (== netcoreapp3.0)
      runtime.native.System.Security.Cryptography.OpenSsl (>= 4.3) - restriction: || (&& (== net472) (< net46)) (== netcoreapp3.0)
      System.Collections (>= 4.3) - restriction: || (&& (== net472) (< net46)) (== netcoreapp3.0)
      System.Collections.Concurrent (>= 4.3) - restriction: || (&& (== net472) (< net46)) (== netcoreapp3.0)
      System.Linq (>= 4.3) - restriction: || (&& (== net472) (< net46)) (== netcoreapp3.0)
      System.Resources.ResourceManager (>= 4.3) - restriction: || (&& (== net472) (< net46)) (== netcoreapp3.0)
      System.Runtime (>= 4.3) - restriction: || (&& (== net472) (< net46)) (== netcoreapp3.0)
      System.Runtime.Extensions (>= 4.3) - restriction: || (&& (== net472) (< net46)) (== netcoreapp3.0)
      System.Runtime.Handles (>= 4.3) - restriction: || (&& (== net472) (< net46)) (== netcoreapp3.0)
      System.Runtime.InteropServices (>= 4.3) - restriction: || (&& (== net472) (< net46)) (== netcoreapp3.0)
      System.Security.Cryptography.Primitives (>= 4.3) - restriction: || (&& (== net472) (< net46)) (== netcoreapp3.0)
      System.Text.Encoding (>= 4.3) - restriction: || (&& (== net472) (< net46)) (== netcoreapp3.0)
    System.Security.Cryptography.Primitives (4.3) - restriction: || (&& (== net472) (< net46)) (&& (== net472) (< net461)) (&& (== net472) (< netstandard1.4)) (== netcoreapp3.0)
      System.Diagnostics.Debug (>= 4.3) - restriction: || (&& (== net472) (< net46)) (== netcoreapp3.0)
      System.Globalization (>= 4.3) - restriction: || (&& (== net472) (< net46)) (== netcoreapp3.0)
      System.IO (>= 4.3) - restriction: || (&& (== net472) (< net46)) (== netcoreapp3.0)
      System.Resources.ResourceManager (>= 4.3) - restriction: || (&& (== net472) (< net46)) (== netcoreapp3.0)
      System.Runtime (>= 4.3) - restriction: || (&& (== net472) (< net46)) (== netcoreapp3.0)
      System.Threading (>= 4.3) - restriction: || (&& (== net472) (< net46)) (== netcoreapp3.0)
      System.Threading.Tasks (>= 4.3) - restriction: || (&& (== net472) (< net46)) (== netcoreapp3.0)
    System.Security.Principal.Windows (4.7) - restriction: || (&& (== net472) (>= netcoreapp1.0)) (&& (== net472) (>= netcoreapp2.0)) (== netcoreapp3.0)
    System.Text.Encoding (4.3) - restriction: || (&& (== net472) (< net46)) (== netcoreapp3.0)
      Microsoft.NETCore.Platforms (>= 1.1) - restriction: || (&& (== net472) (< net45)) (== netcoreapp3.0)
      Microsoft.NETCore.Targets (>= 1.1) - restriction: || (&& (== net472) (< net45)) (== netcoreapp3.0)
      System.Runtime (>= 4.3) - restriction: || (&& (== net472) (< net45)) (== netcoreapp3.0)
    System.Text.Encoding.Extensions (4.3) - restriction: || (&& (== net472) (>= netcoreapp1.0)) (== netcoreapp3.0)
      Microsoft.NETCore.Platforms (>= 1.1) - restriction: || (&& (== net472) (< net45)) (== netcoreapp3.0)
      Microsoft.NETCore.Targets (>= 1.1) - restriction: || (&& (== net472) (< net45)) (== netcoreapp3.0)
      System.Runtime (>= 4.3) - restriction: || (&& (== net472) (< net45)) (== netcoreapp3.0)
      System.Text.Encoding (>= 4.3) - restriction: || (&& (== net472) (< net45)) (== netcoreapp3.0)
    System.Text.RegularExpressions (4.3.1) - restriction: || (&& (== net472) (>= netcoreapp1.0)) (== netcoreapp3.0)
      System.Runtime (>= 4.3.1) - restriction: || (&& (== net472) (< net45)) (&& (== net472) (>= netcoreapp1.1)) (== netcoreapp3.0)
    System.Threading (4.3) - restriction: || (&& (== net472) (>= netcoreapp1.0)) (== netcoreapp3.0)
      System.Runtime (>= 4.3) - restriction: || (&& (== net472) (< net45)) (== netcoreapp3.0)
      System.Threading.Tasks (>= 4.3) - restriction: || (&& (== net472) (< net45)) (== netcoreapp3.0)
    System.Threading.Tasks (4.3) - restriction: || (&& (== net472) (>= netcoreapp1.0)) (== netcoreapp3.0)
      Microsoft.NETCore.Platforms (>= 1.1) - restriction: || (&& (== net472) (< net45)) (== netcoreapp3.0)
      Microsoft.NETCore.Targets (>= 1.1) - restriction: || (&& (== net472) (< net45)) (== netcoreapp3.0)
      System.Runtime (>= 4.3) - restriction: || (&& (== net472) (< net45)) (== netcoreapp3.0)
    System.Threading.Tasks.Extensions (4.5.3) - restriction: || (&& (== net472) (>= netcoreapp1.0)) (== netcoreapp3.0)
    System.Threading.Thread (4.3) - restriction: || (&& (== net472) (>= netcoreapp1.0)) (== netcoreapp3.0)
      System.Runtime (>= 4.3) - restriction: || (&& (== net472) (< net46)) (== netcoreapp3.0)
    System.Threading.ThreadPool (4.3) - restriction: || (&& (== net472) (>= netcoreapp1.0)) (== netcoreapp3.0)
      System.Runtime (>= 4.3) - restriction: || (&& (== net472) (< net46)) (== netcoreapp3.0)
      System.Runtime.Handles (>= 4.3) - restriction: || (&& (== net472) (< net46)) (== netcoreapp3.0)
    System.ValueTuple (4.5) - restriction: || (== net472) (&& (== netcoreapp3.0) (>= net461))
    System.Xml.ReaderWriter (4.3.1) - restriction: || (&& (== net472) (>= netcoreapp1.0)) (== netcoreapp3.0)
      System.Collections (>= 4.3) - restriction: || (&& (== net472) (< net45)) (== netcoreapp3.0)
      System.Diagnostics.Debug (>= 4.3) - restriction: || (&& (== net472) (< net45)) (== netcoreapp3.0)
      System.Globalization (>= 4.3) - restriction: || (&& (== net472) (< net45)) (== netcoreapp3.0)
      System.IO (>= 4.3) - restriction: || (&& (== net472) (< net45)) (== netcoreapp3.0)
      System.IO.FileSystem (>= 4.3) - restriction: || (&& (== net472) (< net45)) (== netcoreapp3.0)
      System.IO.FileSystem.Primitives (>= 4.3) - restriction: || (&& (== net472) (< net45)) (== netcoreapp3.0)
      System.Resources.ResourceManager (>= 4.3) - restriction: || (&& (== net472) (< net45)) (== netcoreapp3.0)
      System.Runtime (>= 4.3) - restriction: || (&& (== net472) (< net45)) (== netcoreapp3.0)
      System.Runtime.Extensions (>= 4.3) - restriction: || (&& (== net472) (< net45)) (== netcoreapp3.0)
      System.Runtime.InteropServices (>= 4.3) - restriction: || (&& (== net472) (< net45)) (== netcoreapp3.0)
      System.Text.Encoding (>= 4.3) - restriction: || (&& (== net472) (< net45)) (== netcoreapp3.0)
      System.Text.Encoding.Extensions (>= 4.3) - restriction: || (&& (== net472) (< net45)) (== netcoreapp3.0)
      System.Text.RegularExpressions (>= 4.3) - restriction: || (&& (== net472) (< net45)) (== netcoreapp3.0)
      System.Threading.Tasks (>= 4.3) - restriction: || (&& (== net472) (< net45)) (== netcoreapp3.0)
      System.Threading.Tasks.Extensions (>= 4.3) - restriction: || (&& (== net472) (< net45)) (== netcoreapp3.0)
    System.Xml.XmlDocument (4.3) - restriction: || (&& (== net472) (>= netcoreapp1.0)) (== netcoreapp3.0)
      System.Collections (>= 4.3) - restriction: || (&& (== net472) (< net46)) (== netcoreapp3.0)
      System.Diagnostics.Debug (>= 4.3) - restriction: || (&& (== net472) (< net46)) (== netcoreapp3.0)
      System.Globalization (>= 4.3) - restriction: || (&& (== net472) (< net46)) (== netcoreapp3.0)
      System.IO (>= 4.3) - restriction: || (&& (== net472) (< net46)) (== netcoreapp3.0)
      System.Resources.ResourceManager (>= 4.3) - restriction: || (&& (== net472) (< net46)) (== netcoreapp3.0)
      System.Runtime (>= 4.3) - restriction: || (&& (== net472) (< net46)) (== netcoreapp3.0)
      System.Runtime.Extensions (>= 4.3) - restriction: || (&& (== net472) (< net46)) (== netcoreapp3.0)
      System.Text.Encoding (>= 4.3) - restriction: || (&& (== net472) (< net46)) (== netcoreapp3.0)
      System.Threading (>= 4.3) - restriction: || (&& (== net472) (< net46)) (== netcoreapp3.0)
      System.Xml.ReaderWriter (>= 4.3) - restriction: || (&& (== net472) (< net46)) (== netcoreapp3.0)
    System.Xml.XPath (4.3) - restriction: || (&& (== net472) (>= netcoreapp1.0)) (== netcoreapp3.0)
      System.Collections (>= 4.3) - restriction: || (&& (== net472) (< net46)) (== netcoreapp3.0)
      System.Diagnostics.Debug (>= 4.3) - restriction: || (&& (== net472) (< net46)) (== netcoreapp3.0)
      System.Globalization (>= 4.3) - restriction: || (&& (== net472) (< net46)) (== netcoreapp3.0)
      System.IO (>= 4.3) - restriction: || (&& (== net472) (< net46)) (== netcoreapp3.0)
      System.Resources.ResourceManager (>= 4.3) - restriction: || (&& (== net472) (< net46)) (== netcoreapp3.0)
      System.Runtime (>= 4.3) - restriction: || (&& (== net472) (< net46)) (== netcoreapp3.0)
      System.Runtime.Extensions (>= 4.3) - restriction: || (&& (== net472) (< net46)) (== netcoreapp3.0)
      System.Threading (>= 4.3) - restriction: || (&& (== net472) (< net46)) (== netcoreapp3.0)
      System.Xml.ReaderWriter (>= 4.3) - restriction: || (&& (== net472) (< net46)) (== netcoreapp3.0)
    System.Xml.XPath.XmlDocument (4.3) - restriction: || (&& (== net472) (>= netcoreapp1.0)) (== netcoreapp3.0)
      System.Collections (>= 4.3) - restriction: || (&& (== net472) (< net46)) (== netcoreapp3.0)
      System.Globalization (>= 4.3) - restriction: || (&& (== net472) (< net46)) (== netcoreapp3.0)
      System.IO (>= 4.3) - restriction: || (&& (== net472) (< net46)) (== netcoreapp3.0)
      System.Resources.ResourceManager (>= 4.3) - restriction: || (&& (== net472) (< net46)) (== netcoreapp3.0)
      System.Runtime (>= 4.3) - restriction: || (&& (== net472) (< net46)) (== netcoreapp3.0)
      System.Runtime.Extensions (>= 4.3) - restriction: || (&& (== net472) (< net46)) (== netcoreapp3.0)
      System.Threading (>= 4.3) - restriction: || (&& (== net472) (< net46)) (== netcoreapp3.0)
      System.Xml.ReaderWriter (>= 4.3) - restriction: || (&& (== net472) (< net46)) (== netcoreapp3.0)
      System.Xml.XmlDocument (>= 4.3)
      System.Xml.XPath (>= 4.3)
    Thespian (0.2)
      FSharp.Core (>= 4.3.2)
      FsPickler (>= 5.2)
